GEM
  remote: http://rubygems.org/
  specs:
    acts_as_tree (0.1.1)
    git (1.2.5)
    haml (3.1.2)
    jeweler (1.6.0)
      bundler (~> 1.0.0)
      git (>= 1.2.5)
      rake
    json (1.6.4)
    rake (0.9.1)
    rcov (0.9.9)
    rdoc (3.12)
      json (~> 1.4)
    shoulda (2.11.3)

PLATFORMS
  ruby

DEPENDENCIES
  acts_as_tree
  bundler (~> 1.0.0)
  haml
  jeweler (~> 1.6.0)
  rcov
  rdoc
  shoulda
