GEM
  remote: http://rubygems.org/
  specs:
    acts_as_tree (0.1.1)
    git (1.2.5)
    jeweler (1.6.0)
      bundler (~> 1.0.0)
      git (>= 1.2.5)
      rake
    rake (0.9.1)
    rcov (0.9.9)
    shoulda (2.11.3)

PLATFORMS
  ruby

DEPENDENCIES
  acts_as_tree
  bundler (~> 1.0.0)
  jeweler (~> 1.6.0)
  rcov
  shoulda
