GEM
  remote: https://rubygems.org/
  specs:
    activemodel (3.2.12)
      activesupport (= 3.2.12)
      builder (~> 3.0.0)
    activerecord (3.2.12)
      activemodel (= 3.2.12)
      activesupport (= 3.2.12)
      arel (~> 3.0.2)
      tzinfo (~> 0.3.29)
    activesupport (3.2.12)
      i18n (~> 0.6)
      multi_json (~> 1.0)
    acts_as_tree (1.2.0)
      activerecord (>= 3.0.0)
    arel (3.0.2)
    builder (3.0.4)
    git (1.2.5)
    haml (4.0.0)
      tilt
    i18n (0.6.4)
    jeweler (1.8.4)
      bundler (~> 1.0)
      git (>= 1.2.5)
      rake
      rdoc
    json (1.7.7)
    multi_json (1.6.1)
    rake (10.0.3)
    rdoc (4.0.0)
      json (~> 1.4)
    tilt (1.3.4)
    tzinfo (0.3.35)

PLATFORMS
  ruby

DEPENDENCIES
  acts_as_tree
  haml
  jeweler
  rdoc
